GEM
  remote: http://rubygems.org/
  specs:
    rake (0.9.2.2)
    rake-compiler (0.8.1)
      rake
    redcarpet (2.1.1)
    yard (0.8.1)

PLATFORMS
  ruby
  x86-mingw32

DEPENDENCIES
  rake
  rake-compiler
  redcarpet
  yard
